GIT
  remote: https://github.com/CvX/rubocop
  revision: d59d18764d88b8f6058bd50d85b6aa2c5f52faf6
  branch: bundler-compat
  specs:
    rubocop (0.84.0)
      parallel (~> 1.10)
      parser (>= 2.7.0.1)
      rainbow (>= 2.2.2, < 4.0)
      rexml
      rubocop-ast (>= 0.0.3)
      ruby-progressbar (~> 1.7)
      unicode-display_width (>= 1.4.0, < 2.0)

GIT
  remote: https://github.com/discourse/rubocop-discourse
  revision: 15c4e247c78f541f856d3f4a7602781f6d40f908
  ref: 15c4e247c78f541f856d3f4a7602781f6d40f908
  specs:
    rubocop-discourse (2.1.2)
      rubocop (>= 0.69.0)
      rubocop-rspec (>= 1.39.0)

GEM
  remote: https://rubygems.org/
  specs:
    ast (2.4.1)
    parallel (1.19.2)
    parser (2.7.1.4)
      ast (~> 2.4.1)
    rainbow (3.0.0)
    rexml (3.2.4)
    rubocop-ast (0.1.0)
      parser (>= 2.7.0.1)
    rubocop-rspec (1.40.0)
      rubocop (>= 0.68.1)
    ruby-progressbar (1.10.1)
    unicode-display_width (1.7.0)

PLATFORMS
  ruby

DEPENDENCIES
  rubocop!
  rubocop-discourse!

BUNDLED WITH
   2.1.4
